Brain Vision Data Exchange Header File Version 1.0
; Data created by the actiCHamp PyCorder

[Common Infos]
Codepage=UTF-8
DataFile=130627CS.eeg
MarkerFile=130627CS.vmrk
DataFormat=BINARY
; Data orientation: MULTIPLEXED=ch1,pt1, ch2,pt1 ...
DataOrientation=MULTIPLEXED
NumberOfChannels=67
; Sampling interval in microseconds
SamplingInterval=2000

[Binary Infos]
BinaryFormat=IEEE_FLOAT_32

[Channel Infos]
; Each entry: Ch<Channel number>=<Name>,<Reference channel name>,
; <Scaling factor in "Unit">,<Unit>, Future extensions..
; Fields are delimited by commas, some fields might be omitted (empty).
; Commas in channel names are coded as "\1".
Ch1=Ch1,,1.0,µV
Ch2=Ch2,,1.0,µV
Ch3=Ch3,,1.0,µV
Ch4=Ch4,,1.0,µV
Ch5=Ch5,,1.0,µV
Ch6=Ch6,,1.0,µV
Ch7=Ch7,,1.0,µV
Ch8=Ch8,,1.0,µV
Ch9=Ch9,,1.0,µV
Ch10=Ch10,,1.0,µV
Ch11=Ch11,,1.0,µV
Ch12=Ch12,,1.0,µV
Ch13=Ch13,,1.0,µV
Ch14=Ch14,,1.0,µV
Ch15=Ch15,,1.0,µV
Ch16=Ch16,,1.0,µV
Ch17=Ch17,,1.0,µV
Ch18=Ch18,,1.0,µV
Ch19=Ch19,,1.0,µV
Ch20=Ch20,,1.0,µV
Ch21=Ch21,,1.0,µV
Ch22=Ch22,,1.0,µV
Ch23=Ch23,,1.0,µV
Ch24=Ch24,,1.0,µV
Ch25=Ch25,,1.0,µV
Ch26=Ch26,,1.0,µV
Ch27=Ch27,,1.0,µV
Ch28=Ch28,,1.0,µV
Ch29=Ch29,,1.0,µV
Ch30=Ch30,,1.0,µV
Ch31=Ch31,,1.0,µV
Ch32=Ch32,,1.0,µV
Ch33=Ch33,,1.0,µV
Ch34=Ch34,,1.0,µV
Ch35=Ch35,,1.0,µV
Ch36=Ch36,,1.0,µV
Ch37=Ch37,,1.0,µV
Ch38=Ch38,,1.0,µV
Ch39=Ch39,,1.0,µV
Ch40=Ch40,,1.0,µV
Ch41=Ch41,,1.0,µV
Ch42=Ch42,,1.0,µV
Ch43=Ch43,,1.0,µV
Ch44=Ch44,,1.0,µV
Ch45=Ch45,,1.0,µV
Ch46=Ch46,,1.0,µV
Ch47=Ch47,,1.0,µV
Ch48=Ch48,,1.0,µV
Ch49=Ch49,,1.0,µV
Ch50=Ch50,,1.0,µV
Ch51=Ch51,,1.0,µV
Ch52=Ch52,,1.0,µV
Ch53=Ch53,,1.0,µV
Ch54=Ch54,,1.0,µV
Ch55=Ch55,,1.0,µV
Ch56=Ch56,,1.0,µV
Ch57=Ch57,,1.0,µV
Ch58=Ch58,,1.0,µV
Ch59=Ch59,,1.0,µV
Ch60=Ch60,,1.0,µV
Ch61=Ch61,,1.0,µV
Ch62=Ch62,,1.0,µV
Ch63=Ch63,,1.0,µV
Ch64=Ch64,,1.0,µV
Ch65=HEOG,,1.0,µV
Ch66=pulse,,1.0,µV
Ch67=GSR,,1.0,µV

[Comment]
PyCorder V1.0.3

Amplifier
actiCHamp (5001) SN: 12110107
Module 1  (5010) SN: 12110225
Module 2  (5010) SN: 12110226
Module 3  n.a.
Module 4  n.a.
Module 5  n.a.
Version: DLL_10.11.12.29, DRV_03.04.01.146, CTRL_04.11.04.28, FPGA_44.00.00.00, DSP_06.11.05.25



Reference channel: 

Impedance [KOhm] at 12:33:35
  1 Ch1: 4
  2 Ch2: 5
  3 Ch3: 0
  4 Ch4: 0
  5 Ch5: 4
  6 Ch6: 3
  7 Ch7: 10
  8 Ch8: 4
  9 Ch9: 7
 10 Ch10: 1
 11 Ch11: 7
 12 Ch12: 15
 13 Ch13: 6
 14 Ch14: 3
 15 Ch15: 7
 16 Ch16: 2
 17 Ch17: 4
 18 Ch18: 1
 19 Ch19: 2
 20 Ch20: 1
 21 Ch21: 2
 22 Ch22: 2
 23 Ch23: 11
 24 Ch24: 16
 25 Ch25: 7
 26 Ch26: 2
 27 Ch27: 3
 28 Ch28: 9
 29 Ch29: 10
 30 Ch30: 4
 31 Ch31: 9
 32 Ch32: 14
 33 Ch33: 11
 34 Ch34: 3
 35 Ch35: 5
 36 Ch36: 10
 37 Ch37: 2
 38 Ch38: 8
 39 Ch39: 11
 40 Ch40: 13
 41 Ch41: 10
 42 Ch42: 1
 43 Ch43: 3
 44 Ch44: 9
 45 Ch45: 9
 46 Ch46: 8
 47 Ch47: 1
 48 Ch48: 6
 49 Ch49: 5
 50 Ch50: 2
 51 Ch51: 2
 52 Ch52: 15
 53 Ch53: 11
 54 Ch54: 1
 55 Ch55: 1
 56 Ch56: 8
 57 Ch57: 0
 58 Ch58: 10
 59 Ch59: 6
 60 Ch60: 8
 61 Ch61: 1
 62 Ch62: 10
 63 Ch63: 8
 64 Ch64: 5
GND: 4
